GIT
  remote: https://github.com/rodjek/rspec-puppet.git
  revision: 6ac97993fa972a15851a73d55fe3d1c0a85172b5
  branch: master
  specs:
    rspec-puppet (1.0.1)
      rspec

GEM
  remote: http://gems.prod.sessionm.com/
  specs:
    CFPropertyList (2.2.8)
    deep_merge (1.0.1)
    diff-lcs (1.2.5)
    facter (2.3.0)
      CFPropertyList (~> 2.2.6)
    fuubar (2.0.0)
      rspec (~> 3.0)
      ruby-progressbar (~> 1.4)
    hiera (1.3.4)
      json_pure
    json_pure (1.8.1)
    puppet (3.6.2)
      facter (> 1.6, < 3)
      hiera (~> 1.0)
      json_pure
      rgen (~> 0.6.5)
    rake (10.4.0)
    rgen (0.6.6)
    rspec (3.1.0)
      rspec-core (~> 3.1.0)
      rspec-expectations (~> 3.1.0)
      rspec-mocks (~> 3.1.0)
    rspec-core (3.1.7)
      rspec-support (~> 3.1.0)
    rspec-expectations (3.1.2)
      diff-lcs (>= 1.2.0, < 2.0)
      rspec-support (~> 3.1.0)
    rspec-mocks (3.1.3)
      rspec-support (~> 3.1.0)
    rspec-support (3.1.2)
    ruby-progressbar (1.7.0)

PLATFORMS
  ruby

DEPENDENCIES
  deep_merge
  fuubar
  puppet (= 3.6.2)
  rake
  rspec-puppet!
